GIT
  remote: https://github.com/mjm/pressy-client
  revision: 9cd6ad08953efdc0f4014eae4cab4d098ceb2571
  branch: master
  specs:
    pressy-client (0.1.0)
      xmlrpc

PATH
  remote: .
  specs:
    pressy (0.1.0)
      pry

GEM
  remote: https://rubygems.org/
  specs:
    coderay (1.1.2)
    diff-lcs (1.3)
    method_source (0.9.0)
    pry (0.11.3)
      coderay (~> 1.1.0)
      method_source (~> 0.9.0)
    rake (10.5.0)
    rspec (3.7.0)
      rspec-core (~> 3.7.0)
      rspec-expectations (~> 3.7.0)
      rspec-mocks (~> 3.7.0)
    rspec-core (3.7.1)
      rspec-support (~> 3.7.0)
    rspec-expectations (3.7.0)
      diff-lcs (>= 1.2.0, < 2.0)
      rspec-support (~> 3.7.0)
    rspec-mocks (3.7.0)
      diff-lcs (>= 1.2.0, < 2.0)
      rspec-support (~> 3.7.0)
    rspec-support (3.7.1)
    xmlrpc (0.3.0)
    yard (0.9.12)

PLATFORMS
  ruby

DEPENDENCIES
  bundler (~> 1.16)
  pressy!
  pressy-client!
  rake (~> 10.0)
  rspec (~> 3.0)
  yard

BUNDLED WITH
   1.16.1
